PATH
  remote: .
  specs:
    GitHub-Analytics-Web-App (1.0.0)
      activesupport (~> 4.1.0)
      bson_ext
      chartkick
      chronic_duration
      mongo (~> 1.8)
      sinatra (~> 1.0)
      sinatra-flash (~> 0.3.0)
      warden-github (~> 1.0)

GEM
  remote: http://rubygems.org/
  specs:
    activesupport (4.1.16)
      i18n (~> 0.6, >= 0.6.9)
      json (~> 1.7, >= 1.7.7)
      minitest (~> 5.1)
      thread_safe (~> 0.1)
      tzinfo (~> 1.1)
    addressable (2.5.2)
      public_suffix (>= 2.0.2, < 4.0)
    bson (1.12.5)
    bson_ext (1.12.5)
      bson (~> 1.12.5)
    chartkick (2.2.5)
    chronic_duration (0.10.6)
      numerizer (~> 0.1.1)
    concurrent-ruby (1.0.5)
    diff-lcs (1.1.3)
    faraday (0.13.1)
      multipart-post (>= 1.2, < 3)
    i18n (0.9.1)
      concurrent-ruby (~> 1.0)
    json (1.8.6)
    minitest (5.10.3)
    mongo (1.12.5)
      bson (= 1.12.5)
    multipart-post (2.0.0)
    numerizer (0.1.1)
    octokit (4.7.0)
      sawyer (~> 0.8.0, >= 0.5.3)
    public_suffix (3.0.1)
    rack (1.5.2)
    rack-protection (1.5.3)
      rack
    rack-test (0.5.7)
      rack (>= 1.0)
    rake (10.1.1)
    randexp (0.1.7)
    rspec (2.4.0)
      rspec-core (~> 2.4.0)
      rspec-expectations (~> 2.4.0)
      rspec-mocks (~> 2.4.0)
    rspec-core (2.4.0)
    rspec-expectations (2.4.0)
      diff-lcs (~> 1.1.2)
    rspec-mocks (2.4.0)
    sawyer (0.8.1)
      addressable (>= 2.3.5, < 2.6)
      faraday (~> 0.8, < 1.0)
    shotgun (0.9)
      rack (>= 1.0)
    sinatra (1.4.8)
      rack (~> 1.5)
      rack-protection (~> 1.4)
      tilt (>= 1.3, < 3)
    sinatra-flash (0.3.0)
      sinatra (>= 1.0.0)
    thread_safe (0.3.6)
    tilt (2.0.8)
    tzinfo (1.2.4)
      thread_safe (~> 0.1)
    warden (1.2.7)
      rack (>= 1.0)
    warden-github (1.3.2)
      activesupport (> 3.0)
      octokit (> 2.1.0)
      warden (> 1.0)

PLATFORMS
  ruby

DEPENDENCIES
  GitHub-Analytics-Web-App!
  rack-test (~> 0.5.3)
  rake
  randexp (~> 0.1.5)
  rspec (~> 2.4.0)
  shotgun

BUNDLED WITH
   1.16.0
